GEM
  remote: https://rubygems.org/
  specs:
    diff-lcs (1.2.5)
    handbrake (0.4.0)
      rubytree (~> 0.8.1)
    json (1.8.1)
    rspec (2.14.1)
      rspec-core (~> 2.14.0)
      rspec-expectations (~> 2.14.0)
      rspec-mocks (~> 2.14.0)
    rspec-core (2.14.8)
    rspec-expectations (2.14.5)
      diff-lcs (>= 1.1.3, < 2.0)
    rspec-mocks (2.14.6)
    rubytree (0.8.3)
      json (>= 1.7.5)
      structured_warnings (>= 0.1.3)
    structured_warnings (0.1.4)
    trollop (2.0)

PLATFORMS
  ruby

DEPENDENCIES
  handbrake
  rspec
  trollop
